GEM
  remote: https://rubygems.org/
  specs:
    net-socket (1.0.0)

PLATFORMS
  ruby

DEPENDENCIES
  net-socket

BUNDLED WITH
   1.15.3
